GEM
  remote: https://rubygems.org/
  specs:
    diff-lcs (1.5.0)
    discordrb (3.4.0)
      discordrb-webhooks (~> 3.3.0)
      ffi (>= 1.9.24)
      opus-ruby
      rest-client (>= 2.0.0)
      websocket-client-simple (>= 0.3.0)
    discordrb-webhooks (3.3.0)
      rest-client (>= 2.1.0.rc1)
    domain_name (0.5.20190701)
      unf (>= 0.0.5, < 1.0.0)
    event_emitter (0.2.6)
    ffi (1.15.5)
    http-accept (1.7.0)
    http-cookie (1.0.5)
      domain_name (~> 0.5)
    mime-types (3.4.1)
      mime-types-data (~> 3.2015)
    mime-types-data (3.2023.0218.1)
    netrc (0.11.0)
    nokogiri (1.14.3-arm64-darwin)
      racc (~> 1.4)
    opus-ruby (1.0.1)
      ffi
    racc (1.6.2)
    rack (2.2.7)
    rest-client (2.1.0)
      http-accept (>= 1.7.0, < 2.0)
      http-cookie (>= 1.0.2, < 2.0)
      mime-types (>= 1.16, < 4.0)
      netrc (~> 0.8)
    rspec (3.12.0)
      rspec-core (~> 3.12.0)
      rspec-expectations (~> 3.12.0)
      rspec-mocks (~> 3.12.0)
    rspec-core (3.12.2)
      rspec-support (~> 3.12.0)
    rspec-expectations (3.12.3)
      diff-lcs (>= 1.2.0, < 2.0)
      rspec-support (~> 3.12.0)
    rspec-mocks (3.12.5)
      diff-lcs (>= 1.2.0, < 2.0)
      rspec-support (~> 3.12.0)
    rspec-support (3.12.0)
    unf (0.1.4)
      unf_ext
    unf_ext (0.0.8.2)
    websocket (1.2.9)
    websocket-client-simple (0.6.1)
      event_emitter
      websocket

PLATFORMS
  arm64-darwin-22

DEPENDENCIES
  discordrb
  nokogiri
  rack (~> 2.2.4)
  rspec

BUNDLED WITH
   2.4.13
